PATH
  remote: .
  specs:
    imdb-api (0.0.1)
      faraday (~> 0.8.8)
      hashr (~> 0.0.22)
      json (~> 1.8.0)

GEM
  remote: https://rubygems.org/
  specs:
    faraday (0.8.8)
      multipart-post (~> 1.2.0)
    hashr (0.0.22)
    json (1.8.0)
    multipart-post (1.2.0)

PLATFORMS
  ruby

DEPENDENCIES
  imdb-api!
